PATH
  remote: .
  specs:
    rack (1.2.1)

GEM
  remote: http://rubygems.org/
  specs:
    bacon (1.1.0)
    cgi_multipart_eof_fix (2.5.0)
    daemons (1.1.3)
    eventmachine (0.12.10)
    fastthread (1.0.7)
    fcgi (0.8.8)
    gem_plugin (0.2.3)
    memcache-client (1.8.5)
    mongrel (1.1.5)
      cgi_multipart_eof_fix (>= 2.4)
      daemons (>= 1.0.3)
      fastthread (>= 1.0.1)
      gem_plugin (>= 0.2.3)
    rake (0.8.7)
    thin (1.2.11)
      daemons (>= 1.0.9)
      eventmachine (>= 0.12.6)
      rack (>= 1.0.0)

PLATFORMS
  ruby

DEPENDENCIES
  bacon
  fcgi
  memcache-client
  mongrel
  rack!
  rake
  thin
